GEM
  remote: https://rubygems.org/
  specs:
    rack (2.0.6)
    rack-livereload (0.3.17)
      rack

PLATFORMS
  ruby

DEPENDENCIES
  rack
  rack-livereload

BUNDLED WITH
   1.16.6
